GEM
  remote: https://rubygems.org/
  specs:
    formkeeper (0.0.15)
      hpricot
      rack
    hpricot (0.8.6)
    rack (1.6.4)
    rack-protection (1.5.3)
      rack
    sinatra (1.4.6)
      rack (~> 1.4)
      rack-protection (~> 1.4)
      tilt (>= 1.3, < 3)
    sinatra-formkeeper (0.0.7)
      formkeeper (~> 0.0.12)
      hpricot
      rack
      sinatra
    tilt (2.0.2)

PLATFORMS
  ruby

DEPENDENCIES
  sinatra
  sinatra-formkeeper

BUNDLED WITH
   1.11.2
