GEM
  remote: https://rubygems.org/
  specs:
    formkeeper (0.0.15)
      hpricot
      rack
    hpricot (0.8.6)
    pg (0.18.4)
    rack (1.6.4)
    rack-protection (1.5.3)
      rack
    rails_12factor (0.0.3)
      rails_serve_static_assets
      rails_stdout_logging
    rails_serve_static_assets (0.0.4)
    rails_stdout_logging (0.0.4)
    sinatra (1.4.6)
      rack (~> 1.4)
      rack-protection (~> 1.4)
      tilt (>= 1.3, < 3)
    sinatra-formkeeper (0.0.7)
      formkeeper (~> 0.0.12)
      hpricot
      rack
      sinatra
    sqlite3 (1.3.11)
    tilt (2.0.2)

PLATFORMS
  ruby

DEPENDENCIES
  pg
  rails_12factor
  sinatra
  sinatra-formkeeper
  sqlite3

BUNDLED WITH
   1.11.2
